PATH
  remote: .
  specs:
    ruby_cowsay (0.1.1)

GEM
  remote: http://rubygems.org/
  specs:

PLATFORMS
  ruby

DEPENDENCIES
  ruby_cowsay!
